GEM
  remote: https://rubygems.org/
  specs:
    addressable (2.7.0)
      public_suffix (>= 2.0.2, < 5.0)
    colorator (1.1.0)
    execjs (2.7.0)
    ffi (1.13.1)
    forwardable-extended (2.6.0)
    jekyll (3.6.3)
      addressable (~> 2.4)
      colorator (~> 1.0)
      jekyll-sass-converter (~> 1.0)
      jekyll-watch (~> 1.1)
      kramdown (~> 1.14)
      liquid (~> 4.0)
      mercenary (~> 0.3.3)
      pathutil (~> 0.9)
      rouge (>= 1.7, < 3)
      safe_yaml (~> 1.0)
    jekyll-paginate (1.1.0)
    jekyll-pug (1.5.6)
      jekyll (>= 3.6, < 5.0)
      pug-ruby (~> 2.0)
    jekyll-sass-converter (1.5.2)
      sass (~> 3.4)
    jekyll-watch (1.5.1)
      listen (~> 3.0)
    kramdown (1.17.0)
    liquid (4.0.3)
    listen (3.3.0)
      rb-fsevent (~> 0.10, >= 0.10.3)
      rb-inotify (~> 0.9, >= 0.9.10)
    memoist (0.16.2)
    mercenary (0.3.6)
    method-not-implemented (1.0.1)
    pathutil (0.16.2)
      forwardable-extended (~> 2.6)
    public_suffix (4.0.6)
    pug-ruby (2.0.1)
      execjs (~> 2.0)
      memoist (~> 0.15)
      method-not-implemented (~> 1.0, >= 1.0.1)
      regexp-match-polyfill (~> 1.0, >= 1.0.2)
    rb-fsevent (0.10.4)
    rb-inotify (0.10.1)
      ffi (~> 1.0)
    regexp-match-polyfill (1.0.2)
    rouge (2.2.1)
    safe_yaml (1.0.5)
    sass (3.7.4)
      sass-listen (~> 4.0.0)
    sass-listen (4.0.0)
      rb-fsevent (~> 0.9, >= 0.9.4)
      rb-inotify (~> 0.9, >= 0.9.7)
    stylus (1.0.2)
      execjs
      stylus-source
    stylus-source (0.54.5)

PLATFORMS
  ruby

DEPENDENCIES
  jekyll
  jekyll-paginate
  jekyll-pug
  stylus

BUNDLED WITH
   2.0.1
